PATH
  remote: .
  specs:
    anvil-cli (0.16.1)
      progress (~> 2.4.0)
      rest-client (~> 1.6.7)
      thor (~> 0.15.2)

GEM
  remote: https://rubygems.org/
  specs:
    mime-types (1.21)
    progress (2.4.0)
    rake (0.9.6)
    rest-client (1.6.7)
      mime-types (>= 1.16)
    thor (0.15.4)

PLATFORMS
  ruby

DEPENDENCIES
  anvil-cli!
  rake
