PATH
  remote: .
  specs:
    anvil-cli (0.1.0)
      progress (~> 2.4.0)
      rest-client (~> 1.6.7)
      thor (~> 0.15.2)

GEM
  remote: http://rubygems.org/
  specs:
    mime-types (1.19)
    progress (2.4.0)
    rest-client (1.6.7)
      mime-types (>= 1.16)
    thor (0.15.4)

PLATFORMS
  ruby

DEPENDENCIES
  anvil-cli!
